PATH
  remote: .
  specs:
    plllayer (0.0.1)
      bundler
      open4

GEM
  remote: http://rubygems.org/
  specs:
    open4 (1.3.0)
    rake (10.0.2)

PLATFORMS
  ruby

DEPENDENCIES
  plllayer!
  rake
